GIT
  remote: https://github.com/scarpe-team/scarpe.git
  revision: 3c094c49bf0e0720482ed06041bdb20dcba4ffdb
  glob: lacci/lacci.gemspec
  specs:
    lacci (0.4.0)
      scarpe-components (~> 0.4.0)

GIT
  remote: https://github.com/scarpe-team/scarpe.git
  revision: 3c094c49bf0e0720482ed06041bdb20dcba4ffdb
  glob: scarpe-components/scarpe-components.gemspec
  specs:
    scarpe-components (0.4.0)

PATH
  remote: .
  specs:
    space_shoes (0.1.0)
      lacci (~> 0.4.0)
      scarpe-components (~> 0.4.0)

GEM
  remote: https://rubygems.org/
  specs:
    addressable (2.8.6)
      public_suffix (>= 2.0.2, < 6.0)
    base64 (0.2.0)
    capybara (3.40.0)
      addressable
      matrix
      mini_mime (>= 0.1.3)
      nokogiri (~> 1.11)
      rack (>= 1.6.0)
      rack-test (>= 0.6.3)
      regexp_parser (>= 1.5, < 3.0)
      xpath (~> 3.2)
    js (2.6.0)
    matrix (0.4.2)
    mini_mime (1.1.5)
    mini_portile2 (2.8.6)
    minitest (5.22.3)
    nokogiri (1.16.4)
      mini_portile2 (~> 2.8.2)
      racc (~> 1.4)
    nokogiri (1.16.4-x86_64-darwin)
      racc (~> 1.4)
    public_suffix (5.0.5)
    racc (1.7.3)
    rack (3.0.10)
    rack-test (2.1.0)
      rack (>= 1.3)
    rake (13.2.1)
    regexp_parser (2.9.0)
    rexml (3.2.6)
    ruby_wasm (2.6.0)
    ruby_wasm (2.6.0-x86_64-darwin)
    rubyzip (2.3.2)
    selenium-webdriver (4.20.1)
      base64 (~> 0.2)
      rexml (~> 3.2, >= 3.2.5)
      rubyzip (>= 1.2.2, < 3.0)
      websocket (~> 1.0)
    webrick (1.8.1)
    websocket (1.2.10)
    xpath (3.2.0)
      nokogiri (~> 1.8)

PLATFORMS
  ruby
  x86_64-darwin-22

DEPENDENCIES
  capybara
  js
  lacci!
  minitest (~> 5.16)
  rake (~> 13.0)
  ruby_wasm (~> 2.5)
  scarpe-components!
  selenium-webdriver
  space_shoes!
  webrick (~> 1.8.1)

BUNDLED WITH
   2.5.3
