GIT
  remote: https://github.com/scarpe-team/scarpe.git
  revision: dea674dcbb612a3b1da9de6a52e8607cf9c5288b
  glob: lacci/lacci.gemspec
  specs:
    lacci (0.3.0)
      scarpe-components

GIT
  remote: https://github.com/scarpe-team/scarpe.git
  revision: dea674dcbb612a3b1da9de6a52e8607cf9c5288b
  glob: scarpe-components/scarpe-components.gemspec
  specs:
    scarpe-components (0.3.0)

PATH
  remote: .
  specs:
    space_shoes (0.1.0)
      lacci
      scarpe-components

GEM
  remote: https://rubygems.org/
  specs:
    js (2.5.1)
    minitest (5.22.3)
    rake (13.2.1)
    ruby_wasm (2.5.1)
    ruby_wasm (2.5.1-x86_64-darwin)

PLATFORMS
  ruby
  x86_64-darwin-22

DEPENDENCIES
  js
  lacci!
  minitest (~> 5.16)
  rake (~> 13.0)
  ruby_wasm (~> 2.5)
  scarpe-components!
  space_shoes!

BUNDLED WITH
   2.5.3
