GIT
  remote: https://github.com/scarpe-team/scarpe.git
  revision: b59a3e4568ddc1941d0d08c75dfdc167c660b17e
  glob: lacci/*.gemspec
  specs:
    lacci (0.4.0)
      scarpe-components (~> 0.4.0)

PATH
  remote: ..
  specs:
    space_shoes (0.1.0)
      js (~> 2.6)
      lacci (~> 0.4.0)
      minitest (~> 5.22)
      ruby_wasm (~> 2.5)
      scarpe-components (~> 0.4.0)

GEM
  remote: https://rubygems.org/
  specs:
    js (2.6.2)
    minitest (5.24.1)
    ruby_wasm (2.6.2)
    ruby_wasm (2.6.2-aarch64-linux)
    ruby_wasm (2.6.2-aarch64-linux-musl)
    ruby_wasm (2.6.2-arm64-darwin)
    ruby_wasm (2.6.2-x86_64-darwin)
    ruby_wasm (2.6.2-x86_64-linux)
    ruby_wasm (2.6.2-x86_64-linux-musl)
    scarpe-components (0.4.0)

PLATFORMS
  aarch64-linux
  aarch64-linux-musl
  arm64-darwin
  ruby
  x86_64-darwin
  x86_64-linux
  x86_64-linux-musl

DEPENDENCIES
  js
  lacci (~> 0.4.0)!
  ruby_wasm (~> 2.5)
  scarpe-components (~> 0.4.0)
  space_shoes!

BUNDLED WITH
   2.5.3
