PATH
  remote: ..
  specs:
    space_shoes (0.1.0)
      lacci
      scarpe-components

GEM
  remote: https://rubygems.org/
  specs:
    js (2.5.1)
    lacci (0.3.0)
      scarpe-components
    ruby_wasm (2.5.1)
    ruby_wasm (2.5.1-aarch64-linux)
    ruby_wasm (2.5.1-aarch64-linux-musl)
    ruby_wasm (2.5.1-arm64-darwin)
    ruby_wasm (2.5.1-x86_64-darwin)
    ruby_wasm (2.5.1-x86_64-linux)
    ruby_wasm (2.5.1-x86_64-linux-musl)
    scarpe-components (0.3.0)

PLATFORMS
  aarch64-linux
  aarch64-linux-musl
  arm64-darwin
  ruby
  x86_64-darwin
  x86_64-linux
  x86_64-linux-musl

DEPENDENCIES
  js
  ruby_wasm (~> 2.5)
  space_shoes!

BUNDLED WITH
   2.5.3
