GIT
  remote: https://github.com/scarpe-team/scarpe.git
  revision: b6b4b1f53dedd128382043474da28e294b736cab
  glob: lacci/*.gemspec
  specs:
    lacci (0.4.0)
      scarpe-components (~> 0.4.0)

GEM
  remote: https://rubygems.org/
  specs:
    scarpe-components (0.4.0)
    space_shoes (0.1.0)
      lacci
      scarpe-components
    webrick (1.8.1)

PLATFORMS
  ruby
  x86_64-darwin-22

DEPENDENCIES
  lacci!
  space_shoes
  webrick

BUNDLED WITH
   2.5.3
